PATH
  remote: .
  specs:
    em-eventsource (0.1.8)
      em-http-request (>= 1.0, < 1.2)
      eventmachine (~> 1.0.0.beta3)

GEM
  remote: http://rubygems.org/
  specs:
    addressable (2.7.0)
      public_suffix (>= 2.0.2, < 5.0)
    cookiejar (0.3.3)
    em-http-request (1.1.7)
      addressable (>= 2.3.4)
      cookiejar (!= 0.3.1)
      em-socksify (>= 0.3)
      eventmachine (>= 1.0.3)
      http_parser.rb (>= 0.6.0)
    em-socksify (0.3.2)
      eventmachine (>= 1.0.0.beta.4)
    eventmachine (1.0.9.1)
    http_parser.rb (0.6.0)
    minitest (2.3.1)
    public_suffix (4.0.6)
    rake (0.9.2)

PLATFORMS
  ruby

DEPENDENCIES
  bundler
  em-eventsource!
  minitest (~> 2.0)
  rake
